GEM
  remote: https://rubygems.org/
  specs:
    aws-sdk (2.2.3)
      aws-sdk-resources (= 2.2.3)
    aws-sdk-core (2.2.3)
      jmespath (~> 1.0)
    aws-sdk-resources (2.2.3)
      aws-sdk-core (= 2.2.3)
    colorize (0.7.7)
    jmespath (1.1.3)
    lockfile (2.1.3)

PLATFORMS
  ruby

DEPENDENCIES
  aws-sdk (~> 2)
  colorize
  lockfile (~> 2.1, >= 2.1.3)

BUNDLED WITH
   1.10.6
